GEM
  remote: https://rubygems.org/
  specs:
    byebug (11.0.1)
    coderay (1.1.2)
    html2markdown (0.0.3)
      nokogiri
    method_source (0.9.2)
    mini_portile2 (2.8.0)
    nokogiri (1.13.4)
      mini_portile2 (~> 2.8.0)
      racc (~> 1.4)
    pry (0.12.2)
      coderay (~> 1.1.0)
      method_source (~> 0.9.0)
    pry-byebug (3.7.0)
      byebug (~> 11.0)
      pry (~> 0.10)
    racc (1.6.0)
    rb-readline (0.5.5)

PLATFORMS
  ruby

DEPENDENCIES
  html2markdown
  nokogiri
  pry-byebug
  rb-readline

BUNDLED WITH
   1.17.2
